GEM
  remote: https://rubygems.org/
  specs:
    activerecord-honeycomb (0.0.1)
      libhoney
    addressable (2.5.2)
      public_suffix (>= 2.0.2, < 4.0)
    asana (0.6.0)
      faraday (~> 0.9)
      faraday_middleware (~> 0.9)
      faraday_middleware-multi_json (~> 0.0)
      oauth2 (~> 1.0)
    byebug (10.0.2)
    coderay (1.1.2)
    domain_name (0.5.20180417)
      unf (>= 0.0.5, < 1.0.0)
    dotenv (2.2.0)
    faraday (0.11.0)
      multipart-post (>= 1.2, < 3)
    faraday-honeycomb (0.0.2)
      libhoney (>= 1.5.0)
    faraday_middleware (0.11.0.1)
      faraday (>= 0.7.4, < 1.0)
    faraday_middleware-multi_json (0.0.6)
      faraday_middleware
      multi_json
    honeycomb-beeline (0.0.1)
      activerecord-honeycomb
      faraday-honeycomb
      libhoney (>= 1.6.0)
      rack-honeycomb
      sequel-honeycomb
    http (2.2.2)
      addressable (~> 2.3)
      http-cookie (~> 1.0)
      http-form_data (~> 1.0.1)
      http_parser.rb (~> 0.6.0)
    http-cookie (1.0.3)
      domain_name (~> 0.5)
    http-form_data (1.0.3)
    http_parser.rb (0.6.0)
    json (2.0.3)
    jwt (1.5.6)
    libhoney (1.6.0)
      http (~> 2.0)
    method_source (0.9.0)
    multi_json (1.12.1)
    multi_xml (0.6.0)
    multipart-post (2.0.0)
    oauth2 (1.3.1)
      faraday (>= 0.8, < 0.12)
      jwt (~> 1.0)
      multi_json (~> 1.3)
      multi_xml (~> 0.5)
      rack (>= 1.2, < 3)
    pry (0.11.3)
      coderay (~> 1.1.0)
      method_source (~> 0.9.0)
    pry-byebug (3.6.0)
      byebug (~> 10.0)
      pry (~> 0.10)
    public_suffix (3.0.2)
    rack (2.0.1)
    rack-honeycomb (0.0.18)
      libhoney (>= 1.5.0)
    sentry-raven (2.4.0)
      faraday (>= 0.7.6, < 1.0)
    sequel-honeycomb (0.0.1)
    unf (0.1.4)
      unf_ext
    unf_ext (0.0.7.5)

PLATFORMS
  ruby

DEPENDENCIES
  asana
  dotenv
  faraday
  honeycomb-beeline
  json
  pry-byebug
  sentry-raven

RUBY VERSION
   ruby 2.3.1p112

BUNDLED WITH
   1.15.0
