GEM
  remote: https://rubygems.org/
  specs:
    faraday (0.9.1)
      multipart-post (>= 1.2, < 3)
    json (1.8.2)
    multipart-post (2.0.0)

PLATFORMS
  ruby

DEPENDENCIES
  faraday
  json

RUBY VERSION
   ruby 2.3.1p112

BUNDLED WITH
   1.13.1
